GEM
  remote: https://rubygems.org/
  specs:
    celluloid (0.14.1)
      timers (>= 1.0.0)
    coderay (1.0.9)
    kitchen-vagrant (0.10.0)
      test-kitchen (~> 1.0.0.alpha.6)
    method_source (0.8.1)
    mixlib-shellout (1.1.0)
    mixlib-shellout (1.1.0-x86-mingw32)
      win32-process (~> 0.6.5)
    net-scp (1.1.1)
      net-ssh (>= 2.6.5)
    net-ssh (2.6.7)
    pry (0.9.12.2)
      coderay (~> 1.0.5)
      method_source (~> 0.8)
      slop (~> 3.4)
    pry (0.9.12.2-x86-mingw32)
      coderay (~> 1.0.5)
      method_source (~> 0.8)
      slop (~> 3.4)
      win32console (~> 1.3)
    safe_yaml (0.9.3)
    slop (3.4.5)
    test-kitchen (1.0.0.alpha.7)
      celluloid
      mixlib-shellout
      net-scp
      net-ssh
      pry
      safe_yaml
      thor
    thor (0.18.1)
    timers (1.1.0)
    win32-api (1.4.8-x86-mingw32)
    win32-process (0.6.6)
      windows-pr (>= 1.2.2)
    win32console (1.3.2-x86-mingw32)
    windows-api (0.4.2)
      win32-api (>= 1.4.5)
    windows-pr (1.2.2)
      win32-api (>= 1.4.5)
      windows-api (>= 0.3.0)

PLATFORMS
  x86-mingw32

DEPENDENCIES
  kitchen-vagrant
  test-kitchen (~> 1.0.0.alpha.7)
